PATH
  remote: .
  specs:
    cookie_store (0.1.2)

GEM
  remote: https://rubygems.org/
  specs:
    ansi (1.4.3)
    builder (3.2.2)
    metaclass (0.0.4)
    minitest (5.5.0)
    minitest-reporters (1.0.8)
      ansi
      builder
      minitest (>= 5.0)
      ruby-progressbar
    mocha (1.1.0)
      metaclass (~> 0.0.1)
    rake (10.4.2)
    ruby-progressbar (1.7.0)

PLATFORMS
  ruby

DEPENDENCIES
  cookie_store!
  minitest
  minitest-reporters
  mocha
  rake
